GIT
  remote: git://github.com/Vizzuality/dwc-archive.git
  revision: f761c5ecbd2156e274864f2bcbb81a264e7b3268
  specs:
    dwc-archive (0.9.6)

GEM
  remote: http://rubygems.org/
  specs:
    RedCloth (4.2.9)
    actionmailer (3.1.12)
      actionpack (= 3.1.12)
      mail (~> 2.4.4)
    actionpack (3.1.12)
      activemodel (= 3.1.12)
      activesupport (= 3.1.12)
      builder (~> 3.0.0)
      erubis (~> 2.7.0)
      i18n (~> 0.6)
      rack (~> 1.3.6)
      rack-cache (~> 1.2)
      rack-mount (~> 0.8.2)
      rack-test (~> 0.6.1)
      sprockets (~> 2.0.4)
    activemodel (3.1.12)
      activesupport (= 3.1.12)
      builder (~> 3.0.0)
      i18n (~> 0.6)
    activerecord (3.1.12)
      activemodel (= 3.1.12)
      activesupport (= 3.1.12)
      arel (~> 2.2.3)
      tzinfo (~> 0.3.29)
    activeresource (3.1.12)
      activemodel (= 3.1.12)
      activesupport (= 3.1.12)
    activesupport (3.1.12)
      multi_json (~> 1.0)
    arel (2.2.3)
    awesome_print (1.2.0)
    backbone-rails (1.0.0.1)
      rails (>= 3.0.0)
    biodiversity (3.1.4)
      parallel (~> 0.7)
      treetop (~> 1.4)
      unicode_utils (~> 1.4)
    builder (3.0.4)
    capistrano (3.1.0)
      i18n
      rake (>= 10.0.0)
      sshkit (~> 1.3)
    capistrano-ext (1.2.1)
      capistrano (>= 1.0.0)
    chunky_png (1.2.9)
    compass (0.12.2)
      chunky_png (~> 1.2)
      fssm (>= 0.2.7)
      sass (~> 3.1)
    compass-rails (1.1.3)
      compass (>= 0.12.2)
    csv-mapper (0.5.1)
      fastercsv
    ejs (1.1.1)
    erubis (2.7.0)
    execjs (2.0.2)
    fastercsv (1.5.5)
    flickraw (0.8.2)
      json (>= 1.1.1)
    fssm (0.2.10)
    hike (1.2.3)
    htmlentities (4.3.1)
    i18n (0.6.9)
    json (1.8.1)
    libv8 (3.16.14.3)
    mail (2.4.4)
      i18n (>= 0.4.0)
      mime-types (~> 1.16)
      treetop (~> 1.4.8)
    mime-types (1.25.1)
    mini_portile (0.5.2)
    multi_json (1.8.4)
    net-scp (1.1.2)
      net-ssh (>= 2.6.5)
    net-ssh (2.7.0)
    nokogiri (1.6.1)
      mini_portile (~> 0.5.0)
    oily_png (1.1.0)
      chunky_png (~> 1.2.7)
    parallel (0.9.2)
    parsley-store (0.3.5)
      biodiversity (~> 3.1)
      redis (~> 3.0)
    pg (0.17.1)
    polyglot (0.3.3)
    rack (1.3.10)
    rack-cache (1.2)
      rack (>= 0.4)
    rack-mount (0.8.3)
      rack (>= 1.0.0)
    rack-ssl (1.3.3)
      rack
    rack-test (0.6.2)
      rack (>= 1.0)
    rails (3.1.12)
      actionmailer (= 3.1.12)
      actionpack (= 3.1.12)
      activerecord (= 3.1.12)
      activeresource (= 3.1.12)
      activesupport (= 3.1.12)
      bundler (~> 1.0)
      railties (= 3.1.12)
    rails_legacy_mapper (1.1.0)
      actionpack (~> 3.1)
    railties (3.1.12)
      actionpack (= 3.1.12)
      activesupport (= 3.1.12)
      rack-ssl (~> 1.3.2)
      rake (>= 0.8.7)
      rdoc (~> 3.4)
      thor (~> 0.14.6)
    rake (10.1.1)
    rchardet19 (1.3.5)
    rdoc (3.12.2)
      json (~> 1.4)
    redis (3.0.7)
    ref (1.0.5)
    sass (3.2.14)
    sass-rails (3.1.7)
      actionpack (~> 3.1.0)
      railties (~> 3.1.0)
      sass (>= 3.1.10)
      tilt (~> 1.3.2)
    sprockets (2.0.4)
      hike (~> 1.2)
      rack (~> 1.0)
      tilt (~> 1.1, != 1.3.0)
    sshkit (1.3.0)
      net-scp (>= 1.1.2)
      net-ssh
      term-ansicolor
    term-ansicolor (1.2.2)
      tins (~> 0.8)
    therubyracer (0.12.0)
      libv8 (~> 3.16.14.0)
      ref
    thor (0.14.6)
    tilt (1.3.7)
    tins (0.13.1)
    treetop (1.4.15)
      polyglot
      polyglot (>= 0.3.1)
    tzinfo (0.3.38)
    uglifier (2.4.0)
      execjs (>= 0.3.0)
      json (>= 1.8.0)
    unicode_utils (1.4.0)

PLATFORMS
  ruby

DEPENDENCIES
  RedCloth
  awesome_print
  backbone-rails
  bundler
  capistrano
  capistrano-ext
  chunky_png (~> 1.2.9)
  compass-rails
  csv-mapper
  dwc-archive!
  ejs (~> 1.1.1)
  flickraw (= 0.8.2)
  htmlentities
  json
  nokogiri
  oily_png (~> 1.1.0)
  parsley-store (~> 0.3.2)
  pg
  rails (~> 3.1.0)
  rails_legacy_mapper
  rchardet19
  sass-rails (~> 3.1.6)
  therubyracer
  tilt (~> 1.3.2)
  uglifier
